PATH
  remote: .
  specs:
    jabverwock (0.1.0)
      test-unit

GEM
  remote: https://rubygems.org/
  specs:
    power_assert (1.0.1)
    rake (10.5.0)
    test-unit (3.2.3)
      power_assert

PLATFORMS
  ruby

DEPENDENCIES
  bundler (~> 1.14)
  jabverwock!
  rake (~> 10.0)

BUNDLED WITH
   1.14.3
